GEM
  remote: http://rubygems.org/
  specs:
    json (2.1.0)
    mustermann (1.0.2)
    rack (2.0.5)
    rack-protection (2.0.1)
      rack
    sinatra (2.0.2)
      mustermann (~> 1.0)
      rack (~> 2.0)
      rack-protection (= 2.0.1)
      tilt (~> 2.0)
    sinatra-cross_origin (0.4.0)
    tilt (2.0.8)

PLATFORMS
  ruby

DEPENDENCIES
  json (= 2.1.0)
  sinatra (= 2.0.1)
  sinatra-cross_origin (= 0.4.0)

BUNDLED WITH
   1.16.1
